GEM
  remote: http://rubygems.org/
  specs:
    addressable (2.3.2)
    bcrypt-ruby (2.1.4)
    builder (2.1.2)
    data_mapper (0.10.2)
      dm-aggregates (~> 0.10.2)
      dm-constraints (~> 0.10.2)
      dm-core (~> 0.10.2)
      dm-migrations (~> 0.10.2)
      dm-serializer (~> 0.10.2)
      dm-timestamps (~> 0.10.2)
      dm-types (~> 0.10.2)
      dm-validations (~> 0.10.2)
    data_objects (0.10.1)
      addressable (~> 2.1)
    dm-aggregates (0.10.2)
      dm-core (~> 0.10.2)
    dm-constraints (0.10.2)
      dm-core (~> 0.10.2)
    dm-core (0.10.2)
      addressable (~> 2.1)
      extlib (~> 0.9.14)
    dm-migrations (0.10.2)
      dm-core (~> 0.10.2)
    dm-serializer (0.10.2)
      dm-core (~> 0.10.2)
      fastercsv (~> 1.5.0)
      json_pure (~> 1.2.0)
    dm-timestamps (0.10.2)
      dm-core (~> 0.10.2)
    dm-types (0.10.2)
      bcrypt-ruby (~> 2.1.2)
      dm-core (~> 0.10.2)
      fastercsv (~> 1.5.0)
      json_pure (~> 1.2.0)
      stringex (~> 1.1.0)
      uuidtools (~> 2.1.1)
    dm-validations (0.10.2)
      dm-core (~> 0.10.2)
    do_sqlite3 (0.10.1.1)
      data_objects (= 0.10.1)
    extlib (0.9.15)
    fastercsv (1.5.5)
    haml (3.1.1)
    json_pure (1.2.4)
    rack (1.4.1)
    sass (3.1.1)
    sinatra (1.0)
      rack (>= 1.0)
    stringex (1.1.0)
    uuidtools (2.1.3)

PLATFORMS
  ruby

DEPENDENCIES
  builder (= 2.1.2)
  data_mapper (= 0.10.2)
  data_objects (= 0.10.1)
  do_sqlite3 (= 0.10.1.1)
  haml (= 3.1.1)
  sass (= 3.1.1)
  sinatra (= 1.0)
